GEM
  remote: http://rubygems.org/
  specs:
    activesupport (3.2.9)
      i18n (~> 0.6)
      multi_json (~> 1.0)
    cosm-rb (0.2.03)
      fastercsv (>= 1.5.x)
      httparty (>= 0.8.3)
      multi_json (>= 1.3.6)
      multi_xml (>= 0.5.1)
      nokogiri (>= 1.4.4)
      ox (>= 1.5.9)
      yajl-ruby (>= 1.1.0)
    fastercsv (1.5.5)
    ffi (1.2.0)
    httparty (0.9.0)
      multi_json (~> 1.0)
      multi_xml
    i18n (0.6.1)
    multi_json (1.5.0)
    multi_xml (0.5.1)
    nokogiri (1.5.6)
    ox (1.8.1)
    rrd-ffi (0.2.13)
      activesupport
      ffi
    serialport (1.1.0)
    yajl-ruby (1.1.0)

PLATFORMS
  ruby

DEPENDENCIES
  cosm-rb
  rrd-ffi
  serialport
